GEM
  remote: https://rubygems.org/
  specs:
    addressable (2.3.6)
    capybara (2.4.1)
      mime-types (>= 1.16)
      nokogiri (>= 1.3.3)
      rack (>= 1.0.0)
      rack-test (>= 0.5.4)
      xpath (~> 2.0)
    database_cleaner (1.3.0)
    diff-lcs (1.2.5)
    email_spec (1.6.0)
      launchy (~> 2.1)
      mail (~> 2.2)
    httmultiparty (0.3.14)
      httparty (>= 0.7.3)
      mimemagic
      multipart-post
    httparty (0.13.1)
      json (~> 1.8)
      multi_xml (>= 0.5.2)
    json (1.8.1)
    launchy (2.4.2)
      addressable (~> 2.3)
    mail (2.6.1)
      mime-types (>= 1.16, < 3)
    mime-types (2.3)
    mimemagic (0.2.1)
    mini_portile (0.6.0)
    multi_xml (0.5.5)
    multipart-post (2.0.0)
    nokogiri (1.6.3.1)
      mini_portile (= 0.6.0)
    pdf-forms (0.5.7)
    phaxio (0.4.0)
      httmultiparty (~> 0.3.8)
    rack (1.5.2)
    rack-protection (1.5.3)
      rack
    rack-ssl (1.4.1)
      rack
    rack-test (0.6.2)
      rack (>= 1.0)
    rspec (3.0.0)
      rspec-core (~> 3.0.0)
      rspec-expectations (~> 3.0.0)
      rspec-mocks (~> 3.0.0)
    rspec-core (3.0.0)
      rspec-support (~> 3.0.0)
    rspec-expectations (3.0.0)
      diff-lcs (>= 1.2.0, < 2.0)
      rspec-support (~> 3.0.0)
    rspec-mocks (3.0.0)
      rspec-support (~> 3.0.0)
    rspec-support (3.0.0)
    sinatra (1.4.5)
      rack (~> 1.4)
      rack-protection (~> 1.4)
      tilt (~> 1.3, >= 1.3.4)
    tilt (1.4.1)
    xpath (2.0.0)
      nokogiri (~> 1.3)

PLATFORMS
  ruby

DEPENDENCIES
  capybara
  database_cleaner
  email_spec
  pdf-forms
  phaxio
  rack-ssl
  rack-test
  rspec
  sinatra
